GEM
  remote: https://rubygems.org/
  specs:
    actioncable (5.0.0.rc2)
      actionpack (= 5.0.0.rc2)
      nio4r (~> 1.2)
      websocket-driver (~> 0.6.1)
    actionmailer (5.0.0.rc2)
      actionpack (= 5.0.0.rc2)
      actionview (= 5.0.0.rc2)
      activejob (= 5.0.0.rc2)
      mail (~> 2.5, >= 2.5.4)
      rails-dom-testing (~> 1.0, >= 1.0.5)
    actionpack (5.0.0.rc2)
      actionview (= 5.0.0.rc2)
      activesupport (= 5.0.0.rc2)
      rack (~> 2.x)
      rack-test (~> 0.6.3)
      rails-dom-testing (~> 1.0, >= 1.0.5)
      rails-html-sanitizer (~> 1.0, >= 1.0.2)
    actionview (5.0.0.rc2)
      activesupport (= 5.0.0.rc2)
      builder (~> 3.1)
      erubis (~> 2.7.0)
      rails-dom-testing (~> 1.0, >= 1.0.5)
      rails-html-sanitizer (~> 1.0, >= 1.0.2)
    activejob (5.0.0.rc2)
      activesupport (= 5.0.0.rc2)
      globalid (>= 0.3.6)
    activemodel (5.0.0.rc2)
      activesupport (= 5.0.0.rc2)
    activerecord (5.0.0.rc2)
      activemodel (= 5.0.0.rc2)
      activesupport (= 5.0.0.rc2)
      arel (~> 7.0)
    activesupport (5.0.0.rc2)
      concurrent-ruby (~> 1.0, >= 1.0.2)
      i18n (~> 0.7)
      minitest (~> 5.1)
      tzinfo (~> 1.1)
    arel (7.1.4)
    bcrypt (3.1.10)
    builder (3.2.3)
    coffee-rails (4.1.0)
      coffee-script (>= 2.2.0)
      railties (>= 4.0.0, < 5.0)
    coffee-script (2.4.1)
      coffee-script-source
      execjs
    coffee-script-source (1.9.1.1)
    concurrent-ruby (1.0.5)
    crass (1.0.4)
    dotenv (2.5.0)
    dotenv-rails (2.5.0)
      dotenv (= 2.5.0)
      railties (>= 3.2, < 6.0)
    erubis (2.7.0)
    execjs (2.5.2)
    ffi (1.9.25)
    git-version-bump (0.15.1)
    globalid (0.4.1)
      activesupport (>= 4.2.0)
    i18n (0.9.5)
      concurrent-ruby (~> 1.0)
    jbuilder (2.7.0)
      activesupport (>= 4.2.0)
      multi_json (>= 1.2)
    jquery-rails (4.0.4)
      rails-dom-testing (~> 1.0)
      railties (>= 4.2.0)
      thor (>= 0.14, < 2.0)
    json (1.8.6)
    jwt (1.5.1)
    loofah (2.2.3)
      crass (~> 1.0.2)
      nokogiri (>= 1.5.9)
    mail (2.7.1)
      mini_mime (>= 0.1.1)
    method_source (0.9.1)
    mini_mime (1.0.1)
    mini_portile2 (2.3.0)
    minitest (5.11.3)
    multi_json (1.13.1)
    nio4r (1.2.1)
    nokogiri (1.8.5)
      mini_portile2 (~> 2.3.0)
    pg (0.18.2)
    rack (2.0.5)
    rack-test (0.6.3)
      rack (>= 1.0)
    rails (5.0.0.rc2)
      actioncable (= 5.0.0.rc2)
      actionmailer (= 5.0.0.rc2)
      actionpack (= 5.0.0.rc2)
      actionview (= 5.0.0.rc2)
      activejob (= 5.0.0.rc2)
      activemodel (= 5.0.0.rc2)
      activerecord (= 5.0.0.rc2)
      activesupport (= 5.0.0.rc2)
      bundler (>= 1.3.0, < 2.0)
      railties (= 5.0.0.rc2)
      sprockets-rails (>= 2.0.0)
    rails-deprecated_sanitizer (1.0.3)
      activesupport (>= 4.2.0.alpha)
    rails-dom-testing (1.0.9)
      activesupport (>= 4.2.0, < 5.0)
      nokogiri (~> 1.6)
      rails-deprecated_sanitizer (>= 1.0.1)
    rails-html-sanitizer (1.0.4)
      loofah (~> 2.2, >= 2.2.2)
    rails_12factor (0.0.3)
      rails_serve_static_assets
      rails_stdout_logging
    rails_serve_static_assets (0.0.4)
    rails_stdout_logging (0.0.3)
    railties (5.0.0.rc2)
      actionpack (= 5.0.0.rc2)
      activesupport (= 5.0.0.rc2)
      method_source
      rake (>= 0.8.7)
      thor (>= 0.18.1, < 2.0)
    rake (12.3.1)
    rb-fsevent (0.10.3)
    rb-inotify (0.9.10)
      ffi (>= 0.5.0, < 2)
    rdoc (4.2.0)
    sass (3.6.0)
      sass-listen (~> 4.0.0)
    sass-listen (4.0.0)
      rb-fsevent (~> 0.9, >= 0.9.4)
      rb-inotify (~> 0.9, >= 0.9.7)
    sass-rails (5.0.7)
      railties (>= 4.0.0, < 6)
      sass (~> 3.1)
      sprockets (>= 2.8, < 4.0)
      sprockets-rails (>= 2.0, < 4.0)
      tilt (>= 1.1, < 3)
    sdoc (0.4.1)
      json (~> 1.7, >= 1.7.7)
      rdoc (~> 4.0)
    sprockets (3.7.2)
      concurrent-ruby (~> 1.0)
      rack (> 1, < 3)
    sprockets-rails (3.2.1)
      actionpack (>= 4.0)
      activesupport (>= 4.0)
      sprockets (>= 3.0.0)
    thor (0.20.0)
    thread_safe (0.3.6)
    tilt (2.0.8)
    turbolinks (2.5.3)
      coffee-rails
    twilio-ruby (4.2.1)
      builder (>= 2.1.2)
      jwt (~> 1.0)
      multi_json (>= 1.3.0)
    tzinfo (1.2.5)
      thread_safe (~> 0.1)
    uglifier (4.1.19)
      execjs (>= 0.3.0, < 3)
    websocket-driver (0.6.5)
      websocket-extensions (>= 0.1.0)
    websocket-extensions (0.1.3)
    will_paginate (3.1.5)

PLATFORMS
  ruby

DEPENDENCIES
  bcrypt
  dotenv-rails (= 2.5.0)
  git-version-bump
  jbuilder (~> 2.7.0)
  jquery-rails
  nokogiri
  pg
  rails (>= 5.0.0.rc2, < 5.1)
  rails_12factor
  sass-rails (~> 5.0.7)
  sdoc (~> 0.4.0)
  turbolinks
  twilio-ruby
  uglifier (>= 4.1.19)
  will_paginate (~> 3.1.0)

RUBY VERSION
   ruby 2.2.2p95

BUNDLED WITH
   1.16.2
